GEM
  remote: https://rubygems.org/
  specs:
    activesupport (5.0.1)
      concurrent-ruby (~> 1.0, >= 1.0.2)
      i18n (~> 0.7)
      minitest (~> 5.1)
      tzinfo (~> 1.1)
    amq-protocol (2.0.1)
    builder (3.2.2)
    bunny (2.6.2)
      amq-protocol (>= 2.0.1)
    byebug (9.0.6)
    concurrent-ruby (1.0.4)
    diff-lcs (1.2.5)
    dotenv (2.1.1)
    i18n (0.7.0)
    jwt (1.5.6)
    minitest (5.10.1)
    multi_json (1.12.1)
    rake (10.5.0)
    rspec (3.5.0)
      rspec-core (~> 3.5.0)
      rspec-expectations (~> 3.5.0)
      rspec-mocks (~> 3.5.0)
    rspec-core (3.5.4)
      rspec-support (~> 3.5.0)
    rspec-expectations (3.5.0)
      diff-lcs (>= 1.2.0, < 2.0)
      rspec-support (~> 3.5.0)
    rspec-mocks (3.5.0)
      diff-lcs (>= 1.2.0, < 2.0)
      rspec-support (~> 3.5.0)
    rspec-support (3.5.0)
    serverengine (1.5.11)
      sigdump (~> 0.2.2)
    sigdump (0.2.4)
    sneakers (2.4.0)
      bunny (~> 2.6)
      serverengine (~> 1.5.11)
      thor
      thread (~> 0.1.7)
    thor (0.19.4)
    thread (0.1.7)
    thread_safe (0.3.5)
    twilio-ruby (4.11.1)
      builder (>= 2.1.2)
      jwt (~> 1.0)
      multi_json (>= 1.3.0)
    tzinfo (1.2.2)
      thread_safe (~> 0.1)

PLATFORMS
  ruby

DEPENDENCIES
  activesupport
  bundler (~> 1.13)
  byebug
  concurrent-ruby
  dotenv
  rake (~> 10.0)
  rspec (~> 3.0)
  sneakers (~> 2.4)
  twilio-ruby (~> 4.11.1)

BUNDLED WITH
   1.13.7
